GEM
  remote: https://rubygems.org/
  specs:
    codecov (0.2.12)
      json
      simplecov
    coderay (1.1.3)
    diff-lcs (1.4.4)
    docile (1.3.2)
    json (2.3.1)
    method_source (1.0.0)
    pry (0.13.1)
      coderay (~> 1.1)
      method_source (~> 1.0)
    rspec (3.10.0)
      rspec-core (~> 3.10.0)
      rspec-expectations (~> 3.10.0)
      rspec-mocks (~> 3.10.0)
    rspec-core (3.10.0)
      rspec-support (~> 3.10.0)
    rspec-expectations (3.10.0)
      diff-lcs (>= 1.2.0, < 2.0)
      rspec-support (~> 3.10.0)
    rspec-mocks (3.10.0)
      diff-lcs (>= 1.2.0, < 2.0)
      rspec-support (~> 3.10.0)
    rspec-support (3.10.0)
    simplecov (0.19.1)
      docile (~> 1.1)
      simplecov-html (~> 0.11)
    simplecov-html (0.12.3)
    unicode_utils (1.4.0)

PLATFORMS
  ruby

DEPENDENCIES
  codecov
  pry
  rspec
  simplecov-html
  unicode_utils

BUNDLED WITH
   2.1.2
